##TITLE=  XMASS Parameter file
##JCAMPDX=  5.0
##DATATYPE=  CONTINUOUS MASS SPECTRUM
##ORIGIN=  XMASS, Bruker-Daltonics (USA) and Bruker-Daltonik (GER)
##OWNER=  TOF User
##SPECTROMETER/DATASYSTEM=  Bruker Flex Series
##.SPECTROMETER TYPE=  TOF
##.INLET=  DIRECT
##.IONIZATION MODE=  LD+
##$ACQMID= 0 
##$ACQVSMA= 3 
##$ACQVSMI= 0 
##$ADC= 1 
##$ANT= no 
##$AOfs= 1.9 
##$AQOP_m= 0 
##$AQ_mod= 1 
##$ATTEN= 39.814816 
##$AccE= 20000 
##$AccE_is= 0 
##$AppTyp= 0 
##$BYTORDA= 0 
##$CIDOn= no 
##$CTOF= 0 
##$Calmet= 1 
##$CapEnt= -4000 
##$CapExit= 0 
##$CapHtr= 0 
##$Corona= 0 
##$Cycle= 100 
##$Cyl= 0 
##$DATE= 0 
##$DCOff1= 0 
##$DComp= no 
##$DE= 625 
##$DELAY= 19462 
##$DIGTYP= 19 
##$DPCAL1= 0 
##$DR_end= 6 
##$DR_set= 12 
##$DR_strt= 12 
##$DS= 0 
##$DTATYPE= 0 
##$DW= 2 
##$DataTyp= 0 
##$DefDly= 0 
##$DeflOff= 30 
##$DigDep= 8 
##$DigTrig= 100 
##$DryFlow= 0 
##$DrySW= 0 
##$DryTemp= 150 
##$EOSTime= 0.92799997 
##$EndP= -3500 
##$Enhance= no 
##$EsiMode= 0 
##$Extract= 0 
##$FASTON= no 
##$FOV= 20 
##$FPCAL1= 1 
##$FPCAL2= 0 
##$FPCAL3= 0 
##$FPMASS= 2466.7 
##$FPON= no 
##$FPSHIFT= 0 
##$FW= 2500 
##$Flatlin= no 
##$FpWinHi= 0 
##$FpWinLo= 0 
##$GDEDLY= 0 
##$GDEON= yes 
##$GDETime= 0 
##$GSpotId= 0 
##$GSpotno= -1 
##$GatStr= 0 
##$Gate= 100 
##$HITURBO= no 
##$HPCML3= 0 
##$HPClBHi= 0 
##$HPClBLo= 0 
##$HPClOrd= 0 
##$HPClUse= no 
##$Hpcgc0= 0 
##$Hpcgc2= 0 
##$IS2BNDV= 0 
##$ISD= no 
##$InstTyp= 9 
##$IsCalib= no 
##$LASP= 1 
##$LBNDVAL= 0 
##$LINDIS= 0 
##$LLNSBND= no 
##$LasFoc= -1 
##$LftHV1= 0 
##$LftHV2= 0 
##$Lift1= 0 
##$Lift2= 0 
##$MC2= 4 
##$ML1= 5421303.0677448 
##$ML1_raw= 5421303.0677448 
##$ML2= 465.85712579605 
##$ML2_raw= 465.85712579605 
##$ML3= -0.0084066343435073 
##$ML3_raw= -0.0084066343435073 
##$MSupMz= 0 
##$MW_low= 15 
##$MapMode= 0 
##$Masserr= 100.10143 
##$MatSup= 0 
##$NBL= 1 
##$NC= 0 
##$NS= 16 
##$NSdigit= 1 
##$NebFlow= 0 
##$NebSW= 0 
##$NebTemp= 30 
##$NoSHOTS= 400 
##$OFFSET= 1000 
##$PAPS= 0 
##$PIEDLY= 120 
##$POLARI= 1 
##$PR= 1 
##$PULSER= 10 
##$PULSREP= 10000 
##$Parent= 1000 
##$RBNDVAL= 0 
##$REPHZ= 60 
##$RFAmp= 600 
##$RFFreq= 5 
##$RG= 1 
##$RLNSBND= no 
##$RTSmoo= 0 
##$Realign= 0 
##$Ref2= 0 
##$RefFull= 0 
##$ReflE= 0 
##$Repel= 20 
##$RetTime= 0 
##$RunDId= 0 
##$RunId= 0 
##$SF= 0 
##$SFO1= 0 
##$SPType= 0 
##$SW= 0 
##$SW_p= 100 
##$SampId= 0 
##$Sens1= 100 
##$Sens2= 0 
##$Skim1= 20 
##$SumShot= 0 
##$Sync= 1 
##$TD= 22972 
##$TIB= 5 
##$TLft= 0 
##$TLftCor= 0 
##$TLift= 0 
##$TPLMS= 0 
##$TargId= 0 
##$TgCount= 0 
##$Trans= 100 
##$Trap= 45 
##$UDeflL= 0 
##$UGrid= 0 
##$UIS2BND= no 
##$ULensR= 0 
##$UPAcc= 0 
##$URepel= 9000 
##$Udefl= 0 
##$UdetL= 2.784 
##$UdetR= 0 
##$Uhim= 0 
##$Uhimass= 0 
##$Uis1= 20 
##$Uis2= 18.200001 
##$Ulens= 6 
##$Uref_is= 0 
##$Urefl= 0 
##$XLens= -50 
##$YMAX_a= 40786 
##$YMIN_a= 0 
##$ACQMETH= <D:\Methods\flexControlMethods\MBT_FC.par> 
##$AQ_DATE= <2018-09-28T15:22:35.810-03:00> 
##$AUNM= <> 
##$AXMeth= <> 
##$CALME= (0..15) 
0 0 0 0 0 0 0 0 
0 0 0 0 0 0 0 0 
##$CALMR= (0..15) 
0 0 0 0 0 0 0 0 
0 0 0 0 0 0 0 0 
##$CALNAM1= <> 
##$CALNAM2= <> 
##$CALNAM3= <> 
##$CALNAM4= <> 
##$CALNAM5= <> 
##$CALNAM6= <> 
##$CALNAM7= <> 
##$CHIPNO= <0> 
##$CMT1= <> 
##$CMT2= <> 
##$CMT3= <> 
##$CMT4= <> 
##$CalStar= <<?xml version="1.0" encoding="ISO-8859-1"?><cs version="1.0"><ca>ReferenceMassAssignement</ca><cm>Quadratic</cm><cd>2018-09-27T16:02:01.000+00:00</cd><cr>OK</cr><pn>flexControl</pn><pv>3.4.135.0</pv><un>BDAL@US</un><rsid>14C3CD13-61C8-4A27-A568-CF90DF346BDB</rsid><mcl>MBT_Standard</mcl><cocp>8</cocp><devb>162.76426</devb><deca>100.10143</deca><acs><ac><rv>26337.249</rv><mb>3636.8129</mb><ma>3637.2172</ma><cm>3637.8</cm><cn>RL29 [M+2H]2+</cn><me>160.21589</me><tol>0</tol></ac><ac><rv>31085.581</rv><mb>5096.6044</mb><ma>5097.0732</ma><cm>5096.8</cm><cn>RS32 [M+H]+</cn><me>53.604238</me><tol>0</tol></ac><ac><rv>31927.601</rv><mb>5381.1868</mb><ma>5381.6742</ma><cm>5381.4</cm><cn>RS34 [M+H]+</cn><me>50.944329</me><tol>0</tol></ac><ac><rv>34383.226</rv><mb>6255.4</mb><ma>6255.9571</ma><cm>6255.4</cm><cn>RS33meth [M+H]+</cn><me>89.05757800000001</me><tol>0</tol></ac><ac><rv>37036.907</rv><mb>7274.285</mb><ma>7274.9476</ma><cm>7274.5</cm><cn>RL29 [M+H]+</cn><me>61.529648</me><tol>0</tol></ac><ac><rv>43966.336</rv><mb>10298.439</mb><ma>10299.566</ma><cm>10300.1</cm><cn>RS19 [M+H]+</cn><me>51.859559</me><tol>0</tol></ac><ac><rv>50586.604</rv><mb>13679.473</mb><ma>13681.372</ma><cm>13683.2</cm><cn>RNAse A [M+H]+</cn><me>133.5872</me><tol>0</tol></ac><ac><rv>56245.027</rv><mb>16950.811</mb><ma>16953.693</ma><cm>16952.3</cm><cn>Myoglobin [M+H]+</cn><me>82.17116300000001</me><tol>0</tol></ac></acs></cs>> 
##$D= (0..31) 
0 0 0 0 0 0 0 0 
0 0 0 0 0 0 0 0 
0 0 0 0 0 0 0 0 
0 0 0 0 0 0 0 0 
##$DOMNAME= <> 
##$FAMeth= <> 
##$FASTCal= <> 
##$FCVer= <flexControl 3.4.135.0> 
##$GEOFILE= <> 
##$Gelcode= <> 
##$HPCStr= <> 
##$HPCal= (0..31) 
0 0 0 0 0 0 0 0 
0 0 0 0 0 0 0 0 
0 0 0 0 0 0 0 0 
0 0 0 0 0 0 0 0 
##$ID_raw= <3592fd04-6adb-4f21-8913-959c4ab5ac0d> 
##$IN= (0..31) 
0.001 0.001 0.001 0.001 0.001 0.001 0.001 0.001 
0.001 0.001 0.001 0.001 0.001 0.001 0.001 0.001 
0.001 0.001 0.001 0.001 0.001 0.001 0.001 0.001 
0.001 0.001 0.001 0.001 0.001 0.001 0.001 0.001 
##$INSTRUM= <FLEX-PC> 
##$InstrID= <269944.00510> 
##$LIFTC= (0..2) 
0 0 0 
##$MOTPOS= <(-13890.0,-16695.0)> 
##$Mctrlst= <> 
##$NTBCal= <V3.0CCalibrator 1 1 0 0 -2147483648 2147483647  V1.0CHPCData  Order 0 vCoeff V1.0VectorDouble 0  c2 0 c0 0 minMass 0 maxMass 0 bUse 0 endCHPCData V3.0CTOFCalibrationConstants 19462 2 465.85712579605001 5421303.0677447999 -0.0084066343435073004 2 V3.0CTOFCalibrationConstants 19462 2 465.85712579605001 5421303.0677447999 -0.0084066343435073004 2  > 
##$NTBCalr= <V3.0CCalibrator 1 1 0 0 -2147483648 2147483647  V1.0CHPCData  Order 0 vCoeff V1.0VectorDouble 0  c2 0 c0 0 minMass 0 maxMass 0 bUse 0 endCHPCData V3.0CTOFCalibrationConstants 19462 2 465.85712579605001 5421303.0677447999 -0.0084066343435073004 2 V3.0CTOFCalibrationConstants 19462 2 465.85712579605001 5421303.0677447999 -0.0084066343435073004 2  > 
##$OS9PATH= <> 
##$OpId= <BDAL@US> 
##$P= (0..31) 
0 0 0 0 0 0 0 0 
0 0 0 0 0 0 0 0 
0 0 0 0 0 0 0 0 
0 0 0 0 0 0 0 0 
##$PARNM= <> 
##$PATCHNO= <D12> 
##$PATH= <C:\Users\Admin\Desktop\Compartido Micobacterias\Barbara 280918\CLP3 BIS\0_D12\1\1SLin> 
##$PDELAY= (0..3) 
10 10 10 10 
##$PDURA= (0..3) 
10 10 10 10 
##$PEPURL= <> 
##$PLMSC= (0..2) 
0 0 0 
##$PULPROG= <> 
##$PostPr= <> 
##$QS= (0..7) 
83 83 83 83 83 83 83 83 
##$RUNNM= <> 
##$SMOPTS= (0..15) 
0 0 0 0 0 0 0 0 
0 0 0 0 0 0 0 0 
##$SPOTNO= <D12> 
##$TgIDS= <G_F51FE097_9782_459A_9985026D4CEA6470> 
##$TgSer= <> 
##$TgTyp= <> 
##$VDLIST= <DDDDDDDDDDDDDDD> 
##$VOLTNM= <> 
##$WEND= (0..3) 
30000 30000 30000 30000 
##$WINY= (0..3) 
3 3 3 3 
##$WSTART= (0..3) 
0 0 0 0 
##$Warplc1= <> 
##$Warplc2= <> 
##$XACQVS= <3.0> 
##$Xml1= <> 
##END=

